GEM
  remote: https://rubygems.org/
  specs:
    mini_portile2 (2.0.0)
    nokogiri (1.6.7.2)
      mini_portile2 (~> 2.0.0.rc2)
    pg (0.18.4)

PLATFORMS
  ruby

DEPENDENCIES
  nokogiri
  pg

BUNDLED WITH
   1.11.2
